GEM
  remote: http://rubygems.org/
  specs:
    Ascii85 (1.0.2)
    afm (0.2.0)
    backports (3.1.0)
    coffee-script (2.2.0)
      coffee-script-source
      execjs
    coffee-script-source (1.6.1)
    encryptor (1.1.3)
    eventmachine (1.0.1)
    execjs (1.4.0)
      multi_json (~> 1.0)
    haml (4.0.0)
      tilt
    hashery (2.1.0)
    jpoz-sinatra-recaptcha (0.0.2)
    multi_json (1.6.1)
    pdf-reader (1.3.2)
      Ascii85 (~> 1.0.0)
      afm (~> 0.2.0)
      hashery (~> 2.0)
      ruby-rc4
      ttfunk
    prawn (0.12.0)
      pdf-reader (>= 0.9.0)
      ttfunk (~> 1.0.2)
    rack (1.5.2)
    rack-protection (1.4.0)
      rack
    rack-test (0.6.2)
      rack (>= 1.0)
    ruby-rc4 (0.1.5)
    sinatra (1.3.3)
      rack (~> 1.3, >= 1.3.6)
      rack-protection (~> 1.2)
      tilt (~> 1.3, >= 1.3.3)
    sinatra-contrib (1.3.2)
      backports (>= 2.0)
      eventmachine
      rack-protection
      rack-test
      sinatra (~> 1.3.0)
      tilt (~> 1.3)
    sinatra-reloader (1.0)
      sinatra-contrib
    tilt (1.3.4)
    ttfunk (1.0.3)

PLATFORMS
  ruby

DEPENDENCIES
  coffee-script (~> 2.2)
  encryptor (~> 1.1)
  haml (~> 4.0)
  jpoz-sinatra-recaptcha
  prawn
  sinatra (~> 1.3)
  sinatra-reloader (~> 1.0)
